GEM
  remote: https://rubygems.org/
  specs:
    daemons (1.3.1)
    eventmachine (1.2.7)
    rack (2.0.7)
    roda (3.19.0)
      rack
    sequel (5.20.0)
    slim (4.0.1)
      temple (>= 0.7.6, < 0.9)
      tilt (>= 2.0.6, < 2.1)
    sqlite3 (1.4.1)
    temple (0.8.1)
    thin (1.7.2)
      daemons (~> 1.0, >= 1.0.9)
      eventmachine (~> 1.0, >= 1.0.4)
      rack (>= 1, < 3)
    tilt (2.0.9)

PLATFORMS
  ruby

DEPENDENCIES
  roda (~> 3.19)
  sequel (~> 5.20)
  slim (~> 4.0, >= 4.0.1)
  sqlite3 (~> 1.4, >= 1.4.1)
  thin (~> 1.7, >= 1.7.2)
  tilt (~> 2.0, >= 2.0.9)

BUNDLED WITH
   2.0.1
